GEM
  remote: https://rubygems.org/
  specs:
    gosu (0.15.2)

PLATFORMS
  ruby

DEPENDENCIES
  gosu

BUNDLED WITH
   2.1.4
